GIT
  remote: https://github.com/Wolfer/soap4r.git
  revision: 82cd64e415e26ebb88787efe075845b1399cf09f
  specs:
    soap4r (1.5.8)
      httpclient (>= 2.1.1)

PATH
  remote: .
  specs:
    smev (0.0.1)
      httpi
      mime-types
      nokogiri
      nori
      rubyzip
      uuid

GEM
  remote: http://rubygems.org/
  specs:
    builder (3.0.4)
    diff-lcs (1.1.3)
    httpclient (2.3.0.1)
    httpi (2.0.2)
      rack
    macaddr (1.6.1)
      systemu (~> 2.5.0)
    mime-types (1.19)
    nokogiri (1.5.5)
    nori (1.1.3)
    rack (1.5.2)
    rspec (2.11.0)
      rspec-core (~> 2.11.0)
      rspec-expectations (~> 2.11.0)
      rspec-mocks (~> 2.11.0)
    rspec-core (2.11.1)
    rspec-expectations (2.11.3)
      diff-lcs (~> 1.1.3)
    rspec-mocks (2.11.3)
    rubyzip (0.9.9)
    systemu (2.5.2)
    uuid (2.3.7)
      macaddr (~> 1.0)

PLATFORMS
  ruby

DEPENDENCIES
  builder
  mime-types
  nokogiri
  nori
  rspec
  rubyzip
  smev!
  soap4r!
  uuid
