GIT
  remote: https://github.com/Wolfer/soap4r.git
  revision: ce1ac75040adaab368aa91ac75c32011f7e76ce4
  specs:
    soap4r (1.5.8)
      httpclient (>= 2.1.1)

PATH
  remote: .
  specs:
    smev (0.0.1)
      httpi
      mime-types
      nokogiri (~> 1.5.5)
      nori
      rubyzip (~> 1.0)
      uuid

GEM
  remote: http://rubygems.org/
  specs:
    builder (3.2.2)
    diff-lcs (1.2.4)
    httpclient (2.3.4.1)
    httpi (2.1.0)
      rack
      rubyntlm (~> 0.3.2)
    macaddr (1.6.1)
      systemu (~> 2.5.0)
    mime-types (1.23)
    nokogiri (1.5.5)
    nori (2.2.0)
    rack (1.5.2)
    rspec (2.13.0)
      rspec-core (~> 2.13.0)
      rspec-expectations (~> 2.13.0)
      rspec-mocks (~> 2.13.0)
    rspec-core (2.13.1)
    rspec-expectations (2.13.0)
      diff-lcs (>= 1.1.3, < 2.0)
    rspec-mocks (2.13.1)
    rubyntlm (0.3.4)
    rubyzip (1.0.0)
    systemu (2.5.2)
    uuid (2.3.7)
      macaddr (~> 1.0)

PLATFORMS
  ruby

DEPENDENCIES
  builder
  mime-types
  nokogiri (~> 1.5.5)
  nori
  rspec
  rubyzip (~> 1.0)
  smev!
  soap4r!
  uuid
